PATH
  remote: .
  specs:
    money_badger (0.0.1)
      hpricot

GEM
  remote: http://rubygems.org/
  specs:
    activemodel (3.0.5)
      activesupport (= 3.0.5)
      builder (~> 2.1.2)
      i18n (~> 0.4)
    activerecord (3.0.5)
      activemodel (= 3.0.5)
      activesupport (= 3.0.5)
      arel (~> 2.0.2)
      tzinfo (~> 0.3.23)
    activesupport (3.0.5)
    arel (2.0.9)
    builder (2.1.2)
    diff-lcs (1.1.2)
    hpricot (0.8.4)
    i18n (0.5.0)
    rack (1.2.2)
    rspec (2.0.1)
      rspec-core (~> 2.0.1)
      rspec-expectations (~> 2.0.1)
      rspec-mocks (~> 2.0.1)
    rspec-core (2.0.1)
    rspec-expectations (2.0.1)
      diff-lcs (>= 1.1.2)
    rspec-mocks (2.0.1)
      rspec-core (~> 2.0.1)
      rspec-expectations (~> 2.0.1)
    rspec-rails (1.3.2)
      rack (>= 1.0.0)
      rspec (>= 1.3.0)
    tzinfo (0.3.25)
    watchr (0.7)

PLATFORMS
  ruby

DEPENDENCIES
  activerecord (~> 3.0.0)
  money_badger!
  rspec (~> 2.0.1)
  rspec-rails (~> 1.2)
  watchr (~> 0.7)
